GIT
  remote: git://github.com/plataformatec/simple_form.git
  revision: 932619c180f90c5aebbb23f4d92fa254b430c775
  branch: master
  specs:
    simple_form (3.1.0.rc2)
      actionpack (~> 4.0)
      activemodel (~> 4.0)

GEM
  remote: https://rubygems.org/
  specs:
    actionmailer (4.1.7)
      actionpack (= 4.1.7)
      actionview (= 4.1.7)
      mail (~> 2.5, >= 2.5.4)
    actionpack (4.1.7)
      actionview (= 4.1.7)
      activesupport (= 4.1.7)
      rack (~> 1.5.2)
      rack-test (~> 0.6.2)
    actionview (4.1.7)
      activesupport (= 4.1.7)
      builder (~> 3.1)
      erubis (~> 2.7.0)
    activemodel (4.1.7)
      activesupport (= 4.1.7)
      builder (~> 3.1)
    activerecord (4.1.7)
      activemodel (= 4.1.7)
      activesupport (= 4.1.7)
      arel (~> 5.0.0)
    activesupport (4.1.7)
      i18n (~> 0.6, >= 0.6.9)
      json (~> 1.7, >= 1.7.7)
      minitest (~> 5.1)
      thread_safe (~> 0.1)
      tzinfo (~> 1.1)
    arel (5.0.1.20140414130214)
    authlogic (3.4.3)
      activerecord (>= 3.2)
      activesupport (>= 3.2)
      request_store (~> 1.0)
      scrypt (~> 1.2)
    autoprefixer-rails (3.1.2.20141016)
      execjs
    best_in_place (3.0.0)
      actionpack (>= 3.2)
      railties (>= 3.2)
    bootstrap-sass (3.3.1.0)
      sass (~> 3.2)
    builder (3.2.2)
    cancan (1.6.10)
    capybara (2.4.4)
      mime-types (>= 1.16)
      nokogiri (>= 1.3.3)
      rack (>= 1.0.0)
      rack-test (>= 0.5.4)
      xpath (~> 2.0)
    coderay (1.0.9)
    coffee-rails (4.0.1)
      coffee-script (>= 2.2.0)
      railties (>= 4.0.0, < 5.0)
    coffee-script (2.3.0)
      coffee-script-source
      execjs
    coffee-script-source (1.8.0)
    diff-lcs (1.2.5)
    erb2haml (0.1.5)
      html2haml
    erubis (2.7.0)
    execjs (2.2.2)
    factory_girl (4.5.0)
      activesupport (>= 3.0.0)
    factory_girl_rails (4.5.0)
      factory_girl (~> 4.5.0)
      railties (>= 3.0.0)
    faker (1.4.3)
      i18n (~> 0.5)
    ffi (1.9.6)
    ffi-compiler (0.1.3)
      ffi (>= 1.0.0)
      rake
    font-awesome-sass (4.2.2)
      sass (~> 3.2)
    haml (4.0.5)
      tilt
    haml-rails (0.5.3)
      actionpack (>= 4.0.1)
      activesupport (>= 4.0.1)
      haml (>= 3.1, < 5.0)
      railties (>= 4.0.1)
    hike (1.2.3)
    hpricot (0.8.6)
    html2haml (1.0.1)
      erubis (~> 2.7.0)
      haml (>= 4.0.0.rc.1)
      hpricot (~> 0.8.6)
      ruby_parser (~> 3.1.1)
    html5_validators (1.1.2)
    i18n (0.6.11)
    jbuilder (2.2.4)
      activesupport (>= 3.0.0, < 5)
      multi_json (~> 1.2)
    jquery-datatables-rails (3.0.0)
      jquery-rails
      sass-rails
    jquery-rails (2.3.0)
      railties (>= 3.0, < 5.0)
      thor (>= 0.14, < 2.0)
    jquery-turbolinks (2.1.0)
      railties (>= 3.1.0)
      turbolinks
    json (1.8.1)
    kaminari (0.16.1)
      actionpack (>= 3.0.0)
      activesupport (>= 3.0.0)
    mail (2.6.3)
      mime-types (>= 1.16, < 3)
    mime-types (2.4.3)
    mini_portile (0.6.1)
    minitest (5.4.3)
    mono_logger (1.1.0)
    multi_json (1.10.1)
    nokogiri (1.6.4.1)
      mini_portile (~> 0.6.0)
    polyamorous (1.1.0)
      activerecord (>= 3.0)
    rack (1.5.2)
    rack-protection (1.5.3)
      rack
    rack-test (0.6.2)
      rack (>= 1.0)
    rails (4.1.7)
      actionmailer (= 4.1.7)
      actionpack (= 4.1.7)
      actionview (= 4.1.7)
      activemodel (= 4.1.7)
      activerecord (= 4.1.7)
      activesupport (= 4.1.7)
      bundler (>= 1.3.0, < 2.0)
      railties (= 4.1.7)
      sprockets-rails (~> 2.0)
    rails-bootstrap-markdown (2.6.0)
    rails3-jquery-autocomplete (1.0.14)
      rails (>= 3.0)
    railties (4.1.7)
      actionpack (= 4.1.7)
      activesupport (= 4.1.7)
      rake (>= 0.8.7)
      thor (>= 0.18.1, < 2.0)
    rake (10.4.0)
    ransack (1.5.1)
      actionpack (>= 3.0)
      activerecord (>= 3.0)
      activesupport (>= 3.0)
      i18n
      polyamorous (~> 1.1)
    redcarpet (2.1.1)
    redis (3.1.0)
    redis-namespace (1.5.1)
      redis (~> 3.0, >= 3.0.4)
    request_store (1.1.0)
    resque (1.25.2)
      mono_logger (~> 1.0)
      multi_json (~> 1.0)
      redis-namespace (~> 1.3)
      sinatra (>= 0.9.2)
      vegas (~> 0.1.2)
    rspec-core (3.0.4)
      rspec-support (~> 3.0.0)
    rspec-expectations (3.0.4)
      diff-lcs (>= 1.2.0, < 2.0)
      rspec-support (~> 3.0.0)
    rspec-mocks (3.0.4)
      rspec-support (~> 3.0.0)
    rspec-rails (3.0.2)
      actionpack (>= 3.0)
      activesupport (>= 3.0)
      railties (>= 3.0)
      rspec-core (~> 3.0.0)
      rspec-expectations (~> 3.0.0)
      rspec-mocks (~> 3.0.0)
      rspec-support (~> 3.0.0)
    rspec-support (3.0.4)
    ruby_parser (3.1.3)
      sexp_processor (~> 4.1)
    sass (3.2.19)
    sass-rails (4.0.4)
      railties (>= 4.0.0, < 5.0)
      sass (~> 3.2.2)
      sprockets (~> 2.8, < 2.12)
      sprockets-rails (~> 2.0)
    scrypt (1.2.1)
      ffi-compiler (>= 0.0.2)
      rake
    sexp_processor (4.4.4)
    shoulda-matchers (2.7.0)
      activesupport (>= 3.0.0)
    sinatra (1.4.5)
      rack (~> 1.4)
      rack-protection (~> 1.4)
      tilt (~> 1.3, >= 1.3.4)
    smart_listing (1.0.0)
      coffee-rails
      kaminari (>= 0.15.1)
      rails (>= 3.2)
    spring (1.1.3)
    sprockets (2.11.3)
      hike (~> 1.2)
      multi_json (~> 1.0)
      rack (~> 1.0)
      tilt (~> 1.1, != 1.3.0)
    sprockets-rails (2.2.0)
      actionpack (>= 3.0)
      activesupport (>= 3.0)
      sprockets (>= 2.8, < 4.0)
    sqlite3 (1.3.10)
    thor (0.19.1)
    thread_safe (0.3.4)
    tilt (1.4.1)
    turbolinks (2.5.2)
      coffee-rails
    tzinfo (1.2.2)
      thread_safe (~> 0.1)
    uglifier (2.5.3)
      execjs (>= 0.3.0)
      json (>= 1.8.0)
    vegas (0.1.11)
      rack (>= 1.0.0)
    will_paginate (3.0.7)
    will_paginate-bootstrap (1.0.1)
      will_paginate (>= 3.0.3)
    xpath (2.0.0)
      nokogiri (~> 1.3)

PLATFORMS
  ruby

DEPENDENCIES
  authlogic
  autoprefixer-rails
  best_in_place
  bootstrap-sass (~> 3.3.1)
  cancan
  capybara
  coderay (~> 1.0.7)
  coffee-rails (~> 4.0.0)
  erb2haml
  factory_girl_rails
  faker
  font-awesome-sass (~> 4.2.0)
  haml-rails
  html5_validators
  jbuilder (~> 2.0)
  jquery-datatables-rails (~> 3.0.0)
  jquery-rails (~> 2.3.0)
  jquery-turbolinks
  kaminari
  rails (= 4.1.7)
  rails-bootstrap-markdown
  rails3-jquery-autocomplete
  ransack
  redcarpet (~> 2.1.1)
  resque
  rspec-rails (~> 3.0.0)
  sass-rails (~> 4.0.3)
  shoulda-matchers
  simple_form!
  smart_listing
  spring
  sqlite3
  turbolinks
  uglifier (>= 1.3.0)
  will_paginate (~> 3.0.5)
  will_paginate-bootstrap
